PATH
  remote: .
  specs:
    mock_braintree (0.4.0)
      braintree (~> 4.7.0)

GEM
  remote: https://rubygems.org/
  specs:
    braintree (4.7.0)
      builder (>= 3.2.4)
      rexml (>= 3.1.9)
    builder (3.2.4)
    rake (13.0.1)
    rexml (3.2.5)

PLATFORMS
  ruby

DEPENDENCIES
  bundler (~> 2.0)
  mock_braintree!
  rake (~> 13.0)

BUNDLED WITH
   2.0.1
